GIT
  remote: https://github.com/cmoa/iiif_s3.git
  revision: ad4d1519cb157bf845516fdef1e4904718cb249f
  specs:
    iiif_s3 (0.0.2)
      aws-sdk (~> 2.1)
      commander (~> 4.3)
      json-ld (~> 1.1)
      jsonlint (~> 0.1)
      mini_magick (~> 4.2)
      rmagick (~> 2.15)

GIT
  remote: https://github.com/mnyrop/wax_tasks.git
  revision: 900fc246487f87d9af1a3717aee47d737136d24d
  specs:
    wax_tasks (0.0.1)
      rake (~> 12.2)
      tqdm (~> 0.3.0)

GEM
  remote: https://rubygems.org/
  specs:
    activesupport (5.1.4)
      concurrent-ruby (~> 1.0, >= 1.0.2)
      i18n (~> 0.7)
      minitest (~> 5.1)
      tzinfo (~> 1.1)
    addressable (2.5.2)
      public_suffix (>= 2.0.2, < 4.0)
    aws-sdk (2.10.84)
      aws-sdk-resources (= 2.10.84)
    aws-sdk-core (2.10.84)
      aws-sigv4 (~> 1.0)
      jmespath (~> 1.0)
    aws-sdk-resources (2.10.84)
      aws-sdk-core (= 2.10.84)
    aws-sigv4 (1.0.2)
    colorator (1.1.0)
    colorize (0.8.1)
    commander (4.4.3)
      highline (~> 1.7.2)
    concurrent-ruby (1.0.5)
    ethon (0.11.0)
      ffi (>= 1.3.0)
    ffi (1.9.18)
    forwardable-extended (2.6.0)
    highline (1.7.8)
    html-proofer (3.7.4)
      activesupport (>= 4.2, < 6.0)
      addressable (~> 2.3)
      colorize (~> 0.8)
      mercenary (~> 0.3.2)
      nokogiri (~> 1.7)
      parallel (~> 1.3)
      typhoeus (~> 0.7)
      yell (~> 2.0)
    i18n (0.9.1)
      concurrent-ruby (~> 1.0)
    jekyll (3.6.2)
      addressable (~> 2.4)
      colorator (~> 1.0)
      jekyll-sass-converter (~> 1.0)
      jekyll-watch (~> 1.1)
      kramdown (~> 1.14)
      liquid (~> 4.0)
      mercenary (~> 0.3.3)
      pathutil (~> 0.9)
      rouge (>= 1.7, < 3)
      safe_yaml (~> 1.0)
    jekyll-sass-converter (1.5.0)
      sass (~> 3.4)
    jekyll-watch (1.5.0)
      listen (~> 3.0, < 3.1)
    jmespath (1.3.1)
    json-ld (1.99.2)
      multi_json (~> 1.11)
      rdf (~> 1.99)
    jsonlint (0.2.0)
      oj (~> 2)
      trollop (~> 2)
    kramdown (1.15.0)
    link_header (0.0.8)
    liquid (4.0.0)
    listen (3.0.8)
      rb-fsevent (~> 0.9, >= 0.9.4)
      rb-inotify (~> 0.9, >= 0.9.7)
    mercenary (0.3.6)
    mini_magick (4.8.0)
    mini_portile2 (2.3.0)
    minitest (5.10.3)
    multi_json (1.12.2)
    nokogiri (1.8.1)
      mini_portile2 (~> 2.3.0)
    oj (2.18.5)
    parallel (1.12.0)
    pathutil (0.16.0)
      forwardable-extended (~> 2.6)
    public_suffix (3.0.1)
    rake (12.3.0)
    rb-fsevent (0.10.2)
    rb-inotify (0.9.10)
      ffi (>= 0.5.0, < 2)
    rdf (1.99.1)
      link_header (~> 0.0, >= 0.0.8)
    rmagick (2.16.0)
    rouge (2.2.1)
    safe_yaml (1.0.4)
    sass (3.5.3)
      sass-listen (~> 4.0.0)
    sass-listen (4.0.0)
      rb-fsevent (~> 0.9, >= 0.9.4)
      rb-inotify (~> 0.9, >= 0.9.7)
    thread_safe (0.3.6)
    tqdm (0.3.0)
    trollop (2.1.2)
    typhoeus (0.8.0)
      ethon (>= 0.8.0)
    tzinfo (1.2.4)
      thread_safe (~> 0.1)
    yell (2.0.7)

PLATFORMS
  ruby

DEPENDENCIES
  html-proofer
  iiif_s3!
  jekyll (~> 3.6.2)
  rake
  tqdm
  wax_tasks!

BUNDLED WITH
   1.16.0
